PATH
  remote: .
  specs:
    diffhub (0.0.1)
      github_api

GEM
  remote: https://rubygems.org/
  specs:
    diff-lcs (1.1.3)
    faraday (0.8.4)
      multipart-post (~> 1.1)
    github_api (0.7.0)
      faraday (~> 0.8.1)
      hashie (~> 1.2.0)
      multi_json (~> 1.3)
      nokogiri (~> 1.5.2)
      oauth2
    hashie (1.2.0)
    httpauth (0.1)
    jwt (0.1.5)
      multi_json (>= 1.0)
    multi_json (1.3.6)
    multipart-post (1.1.5)
    nokogiri (1.5.5)
    oauth2 (0.8.0)
      faraday (~> 0.8)
      httpauth (~> 0.1)
      jwt (~> 0.1.4)
      multi_json (~> 1.0)
      rack (~> 1.2)
    rack (1.4.1)
    rake (0.9.2.2)
    rspec (2.8.0)
      rspec-core (~> 2.8.0)
      rspec-expectations (~> 2.8.0)
      rspec-mocks (~> 2.8.0)
    rspec-core (2.8.0)
    rspec-expectations (2.8.0)
      diff-lcs (~> 1.1.2)
    rspec-mocks (2.8.0)

PLATFORMS
  ruby

DEPENDENCIES
  diffhub!
  rake
  rspec
